GEM
  remote: https://rubygems.org/
  specs:
    actioncable (5.2.4.1)
      actionpack (= 5.2.4.1)
      nio4r (~> 2.0)
      websocket-driver (>= 0.6.1)
    actionmailer (5.2.4.1)
      actionpack (= 5.2.4.1)
      actionview (= 5.2.4.1)
      activejob (= 5.2.4.1)
      mail (~> 2.5, >= 2.5.4)
      rails-dom-testing (~> 2.0)
    actionpack (5.2.4.1)
      actionview (= 5.2.4.1)
      activesupport (= 5.2.4.1)
      rack (~> 2.0, >= 2.0.8)
      rack-test (>= 0.6.3)
      rails-dom-testing (~> 2.0)
      rails-html-sanitizer (~> 1.0, >= 1.0.2)
    actionview (5.2.4.1)
      activesupport (= 5.2.4.1)
      builder (~> 3.1)
      erubi (~> 1.4)
      rails-dom-testing (~> 2.0)
      rails-html-sanitizer (~> 1.0, >= 1.0.3)
    activejob (5.2.4.1)
      activesupport (= 5.2.4.1)
      globalid (>= 0.3.6)
    activemodel (5.2.4.1)
      activesupport (= 5.2.4.1)
    activerecord (5.2.4.1)
      activemodel (= 5.2.4.1)
      activesupport (= 5.2.4.1)
      arel (>= 9.0)
    activestorage (5.2.4.1)
      actionpack (= 5.2.4.1)
      activerecord (= 5.2.4.1)
      marcel (~> 0.3.1)
    activesupport (5.2.4.1)
      concurrent-ruby (~> 1.0, >= 1.0.2)
      i18n (>= 0.7, < 2)
      minitest (~> 5.1)
      tzinfo (~> 1.1)
    addressable (2.4.0)
    arel (9.0.0)
    ast (2.4.0)
    backports (3.15.0)
    bcrypt (3.1.13)
    benchmark-ips (2.7.2)
    bindex (0.8.1)
    bootsnap (1.4.5)
      msgpack (~> 1.0)
    builder (3.2.4)
    byebug (11.0.1)
    cancancan (3.0.1)
    capybara (3.30.0)
      addressable
      mini_mime (>= 0.1.3)
      nokogiri (~> 1.8)
      rack (>= 1.6.0)
      rack-test (>= 0.6.3)
      regexp_parser (~> 1.5)
      xpath (~> 3.2)
    chartkick (3.3.1)
    childprocess (3.0.0)
    choice (0.2.0)
    coffee-rails (4.2.2)
      coffee-script (>= 2.2.0)
      railties (>= 4.0.0)
    coffee-script (2.4.1)
      coffee-script-source
      execjs
    coffee-script-source (1.12.2)
    commonjs (0.2.7)
    concurrent-ruby (1.1.5)
    crass (1.0.6)
    database_cleaner (1.7.0)
    derailed (0.1.0)
      derailed_benchmarks
    derailed_benchmarks (0.0.0)
      benchmark-ips (~> 2)
      get_process_mem (~> 0)
      memory_profiler (~> 0)
    devise (4.7.1)
      bcrypt (~> 3.0)
      orm_adapter (~> 0.1)
      railties (>= 4.1.0)
      responders
      warden (~> 1.2.3)
    diff-lcs (1.3)
    docile (1.3.2)
    dotenv (2.7.6)
    dotenv-rails (2.7.6)
      dotenv (= 2.7.6)
      railties (>= 3.2)
    erubi (1.9.0)
    ethon (0.12.0)
      ffi (>= 1.3.0)
    execjs (2.7.0)
    factory_bot (5.1.1)
      activesupport (>= 4.2.0)
    factory_bot_rails (5.1.1)
      factory_bot (~> 5.1.0)
      railties (>= 4.2.0)
    faker (2.10.0)
      i18n (>= 1.6, < 1.8)
    faraday (0.17.1)
      multipart-post (>= 1.2, < 3)
    faraday_middleware (0.13.1)
      faraday (>= 0.7.4, < 1.0)
    ffi (1.11.3)
    get_process_mem (0.2.5)
      ffi (~> 1.0)
    gh (0.15.1)
      addressable (~> 2.4.0)
      backports
      faraday (~> 0.8)
      multi_json (~> 1.0)
      net-http-persistent (~> 2.9)
      net-http-pipeline
    globalid (0.4.2)
      activesupport (>= 4.2.0)
    highline (1.7.10)
    hirb (0.7.3)
    i18n (1.7.0)
      concurrent-ruby (~> 1.0)
    jaro_winkler (1.5.4)
    jbuilder (2.9.1)
      activesupport (>= 4.2.0)
    jquery-rails (4.3.5)
      rails-dom-testing (>= 1, < 3)
      railties (>= 4.2.0)
      thor (>= 0.14, < 2.0)
    json (2.3.0)
    launchy (2.4.3)
      addressable (~> 2.3)
    less (2.6.0)
      commonjs (~> 0.2.7)
    less-rails (2.8.0)
      actionpack (>= 4.0)
      less (~> 2.6.0)
      sprockets (> 2, < 4)
      tilt
    libv8 (3.16.14.19)
    listen (3.1.5)
      rb-fsevent (~> 0.9, >= 0.9.4)
      rb-inotify (~> 0.9, >= 0.9.7)
      ruby_dep (~> 1.2)
    loofah (2.19.1)
      crass (~> 1.0.2)
      nokogiri (>= 1.5.9)
    mail (2.7.1)
      mini_mime (>= 0.1.1)
    marcel (0.3.3)
      mimemagic (~> 0.3.2)
    memory_profiler (0.9.14)
    method_source (0.9.2)
    mimemagic (0.3.10)
      nokogiri (~> 1)
      rake
    mini_mime (1.0.2)
    mini_portile2 (2.6.1)
    minitest (5.13.0)
    msgpack (1.3.1)
    multi_json (1.14.1)
    multipart-post (2.1.1)
    net-http-persistent (2.9.4)
    net-http-pipeline (1.0.1)
    nio4r (2.5.2)
    nokogiri (1.12.5)
      mini_portile2 (~> 2.6.1)
      racc (~> 1.4)
    octokit (4.14.0)
      sawyer (~> 0.8.0, >= 0.5.3)
    orm_adapter (0.5.0)
    parallel (1.19.1)
    parser (2.7.0.1)
      ast (~> 2.4.0)
    parslet (1.8.2)
    pg (1.2.3)
    popper (0.5.1)
      bundler
      mail
      octokit
      slack-notifier
      thor
      toml
    puma (3.12.2)
    puma_worker_killer (0.1.1)
      get_process_mem (~> 0.2)
      puma (>= 2.7, < 5)
    pusher-client (0.6.2)
      json
      websocket (~> 1.0)
    racc (1.6.1)
    rack (2.0.8)
    rack-test (1.1.0)
      rack (>= 1.0, < 3)
    rails (5.2.4.1)
      actioncable (= 5.2.4.1)
      actionmailer (= 5.2.4.1)
      actionpack (= 5.2.4.1)
      actionview (= 5.2.4.1)
      activejob (= 5.2.4.1)
      activemodel (= 5.2.4.1)
      activerecord (= 5.2.4.1)
      activestorage (= 5.2.4.1)
      activesupport (= 5.2.4.1)
      bundler (>= 1.3.0)
      railties (= 5.2.4.1)
      sprockets-rails (>= 2.0.0)
    rails-controller-testing (1.0.4)
      actionpack (>= 5.0.1.x)
      actionview (>= 5.0.1.x)
      activesupport (>= 5.0.1.x)
    rails-dom-testing (2.0.3)
      activesupport (>= 4.2.0)
      nokogiri (>= 1.6)
    rails-erd (1.6.0)
      activerecord (>= 4.2)
      activesupport (>= 4.2)
      choice (~> 0.2.0)
      ruby-graphviz (~> 1.2)
    rails-html-sanitizer (1.3.0)
      loofah (~> 2.3)
    rails-i18n (5.1.3)
      i18n (>= 0.7, < 2)
      railties (>= 5.0, < 6)
    railties (5.2.4.1)
      actionpack (= 5.2.4.1)
      activesupport (= 5.2.4.1)
      method_source
      rake (>= 0.8.7)
      thor (>= 0.19.0, < 2.0)
    rainbow (3.0.0)
    rake (13.0.1)
    rb-fsevent (0.10.3)
    rb-inotify (0.10.1)
      ffi (~> 1.0)
    ref (2.0.0)
    regexp_parser (1.6.0)
    responders (3.0.0)
      actionpack (>= 5.0)
      railties (>= 5.0)
    rspec-core (3.8.2)
      rspec-support (~> 3.8.0)
    rspec-expectations (3.8.6)
      diff-lcs (>= 1.2.0, < 2.0)
      rspec-support (~> 3.8.0)
    rspec-mocks (3.8.2)
      diff-lcs (>= 1.2.0, < 2.0)
      rspec-support (~> 3.8.0)
    rspec-rails (3.8.0)
      actionpack (>= 3.0)
      activesupport (>= 3.0)
      railties (>= 3.0)
      rspec-core (~> 3.8.0)
      rspec-expectations (~> 3.8.0)
      rspec-mocks (~> 3.8.0)
      rspec-support (~> 3.8.0)
    rspec-support (3.8.3)
    rubocop (0.68.1)
      jaro_winkler (~> 1.5.1)
      parallel (~> 1.10)
      parser (>= 2.5, != 2.5.1.1)
      rainbow (>= 2.2.2, < 4.0)
      ruby-progressbar (~> 1.7)
      unicode-display_width (>= 1.4.0, < 1.6)
    rubocop-performance (1.3.0)
      rubocop (>= 0.68.0)
    ruby-graphviz (1.2.4)
    ruby-progressbar (1.10.1)
    ruby_dep (1.5.0)
    rubyzip (2.0.0)
    sass (3.7.4)
      sass-listen (~> 4.0.0)
    sass-listen (4.0.0)
      rb-fsevent (~> 0.9, >= 0.9.4)
      rb-inotify (~> 0.9, >= 0.9.7)
    sass-rails (5.1.0)
      railties (>= 5.2.0)
      sass (~> 3.1)
      sprockets (>= 2.8, < 4.0)
      sprockets-rails (>= 2.0, < 4.0)
      tilt (>= 1.1, < 3)
    sawyer (0.8.2)
      addressable (>= 2.3.5)
      faraday (> 0.8, < 2.0)
    selenium-webdriver (3.142.7)
      childprocess (>= 0.5, < 4.0)
      rubyzip (>= 1.2.2)
    shoulda-matchers (4.1.2)
      activesupport (>= 4.2.0)
    simplecov (0.17.1)
      docile (~> 1.1)
      json (>= 1.8, < 3)
      simplecov-html (~> 0.10.0)
    simplecov-html (0.10.2)
    slack-notifier (2.3.2)
    spring (2.1.0)
    spring-watcher-listen (2.0.1)
      listen (>= 2.7, < 4.0)
      spring (>= 1.2, < 3.0)
    sprockets (3.7.2)
      concurrent-ruby (~> 1.0)
      rack (> 1, < 3)
    sprockets-rails (3.2.1)
      actionpack (>= 4.0)
      activesupport (>= 4.0)
      sprockets (>= 3.0.0)
    therubyracer (0.12.3)
      libv8 (~> 3.16.14.15)
      ref
    thor (1.0.1)
    thread_safe (0.3.6)
    tilt (2.0.10)
    toml (0.2.0)
      parslet (~> 1.8.0)
    travis (1.8.10)
      backports
      faraday (~> 0.9)
      faraday_middleware (~> 0.9, >= 0.9.1)
      gh (~> 0.13)
      highline (~> 1.6)
      launchy (~> 2.1)
      pusher-client (~> 0.4)
      typhoeus (~> 0.6, >= 0.6.8)
    turbolinks (5.2.1)
      turbolinks-source (~> 5.2)
    turbolinks-source (5.2.0)
    twitter-bootstrap-rails (4.0.0)
      actionpack (~> 5.0, >= 5.0.1)
      execjs (~> 2.7)
      less-rails (~> 2.8, >= 2.8.0)
      railties (~> 5.0, >= 5.0.1)
    typhoeus (0.8.0)
      ethon (>= 0.8.0)
    tzinfo (1.2.6)
      thread_safe (~> 0.1)
    uglifier (4.2.0)
      execjs (>= 0.3.0, < 3)
    unicode-display_width (1.5.0)
    warden (1.2.8)
      rack (>= 2.0.6)
    web-console (3.7.0)
      actionview (>= 5.0)
      activemodel (>= 5.0)
      bindex (>= 0.4.0)
      railties (>= 5.0)
    webdrivers (4.2.0)
      nokogiri (~> 1.6)
      rubyzip (>= 1.3.0)
      selenium-webdriver (>= 3.0, < 4.0)
    websocket (1.2.8)
    websocket-driver (0.7.1)
      websocket-extensions (>= 0.1.0)
    websocket-extensions (0.1.4)
    wicked_pdf (1.4.0)
      activesupport
    wkhtmltopdf-binary (0.12.5)
    wkhtmltopdf-heroku (2.12.5.0)
    xpath (3.2.0)
      nokogiri (~> 1.8)

PLATFORMS
  ruby

DEPENDENCIES
  bootsnap (>= 1.1.0)
  byebug
  cancancan (~> 3.0.1)
  capybara (~> 3.8)
  chartkick
  coffee-rails (~> 4.2)
  database_cleaner
  derailed
  devise (~> 4.7.1)
  dotenv-rails
  factory_bot_rails
  faker
  hirb
  jbuilder (~> 2.5)
  jquery-rails
  listen (>= 3.0.5, < 3.2)
  pg (>= 0.18, < 2.0)
  popper (~> 0.5.0)
  puma (~> 3.12)
  puma_worker_killer
  rails (~> 5.2.1)
  rails-controller-testing
  rails-erd
  rails-i18n (~> 5.1)
  rspec-rails (= 3.8)
  rubocop (~> 0.68.1)
  rubocop-performance
  sass-rails (~> 5.0)
  selenium-webdriver
  shoulda-matchers (~> 4.1.0)
  simplecov
  spring
  spring-watcher-listen (~> 2.0.0)
  therubyracer
  travis
  turbolinks (~> 5)
  twitter-bootstrap-rails
  tzinfo-data
  uglifier (>= 1.3.0)
  web-console (>= 3.3.0)
  webdrivers (~> 4.0)
  wicked_pdf
  wkhtmltopdf-binary (~> 0.12.4)
  wkhtmltopdf-heroku (= 2.12.5.0)

RUBY VERSION
   ruby 2.5.5p157

BUNDLED WITH
   1.17.3
